GEM
  remote: https://rubygems.org/
  specs:
    serialport (1.3.2)

PLATFORMS
  ruby
  x86_64-linux

DEPENDENCIES
  serialport

BUNDLED WITH
   2.5.11
